GEM
  remote: https://rubygems.org/
  specs:
    aws-sdk (2.8.5)
      aws-sdk-resources (= 2.8.5)
    aws-sdk-core (2.8.5)
      aws-sigv4 (~> 1.0)
      jmespath (~> 1.0)
    aws-sdk-resources (2.8.5)
      aws-sdk-core (= 2.8.5)
    aws-sigv4 (1.0.0)
    jmespath (1.3.1)
    rack (2.0.3)
    roda (2.26.0)
      rack

PLATFORMS
  ruby

DEPENDENCIES
  aws-sdk
  roda

BUNDLED WITH
   1.14.3
